GEM
  remote: https://rubygems.org/
  specs:
    activemodel (3.2.13)
      activesupport (= 3.2.13)
      builder (~> 3.0.0)
    activesupport (3.2.13)
      i18n (= 0.6.1)
      multi_json (~> 1.0)
    amatch (0.2.11)
      tins (~> 0.3)
    builder (3.0.4)
    capybara (2.1.0)
      mime-types (>= 1.16)
      nokogiri (>= 1.3.3)
      rack (>= 1.0.0)
      rack-test (>= 0.5.4)
      xpath (~> 2.0)
    diff-lcs (1.2.2)
    haml (4.0.2)
      tilt
    i18n (0.6.1)
    mime-types (1.22)
    mongoid (3.1.2)
      activemodel (~> 3.2)
      moped (~> 1.4.2)
      origin (~> 1.0)
      tzinfo (~> 0.3.22)
    moped (1.4.5)
    multi_json (1.7.2)
    nokogiri (1.5.9)
    origin (1.0.11)
    rack (1.5.2)
    rack-protection (1.5.0)
      rack
    rack-test (0.6.2)
      rack (>= 1.0)
    rspec (2.13.0)
      rspec-core (~> 2.13.0)
      rspec-expectations (~> 2.13.0)
      rspec-mocks (~> 2.13.0)
    rspec-core (2.13.1)
    rspec-expectations (2.13.0)
      diff-lcs (>= 1.1.3, < 2.0)
    rspec-mocks (2.13.1)
    sinatra (1.4.2)
      rack (~> 1.5, >= 1.5.2)
      rack-protection (~> 1.4)
      tilt (~> 1.3, >= 1.3.4)
    tilt (1.3.7)
    tins (0.7.2)
    tzinfo (0.3.37)
    xpath (2.0.0)
      nokogiri (~> 1.3)

PLATFORMS
  ruby

DEPENDENCIES
  amatch (~> 0.2)
  capybara (~> 2.1)
  haml (~> 4.0)
  mongoid (~> 3.1)
  nokogiri (~> 1.5)
  rspec (~> 2.13)
  sinatra (~> 1.4)
